NUGET
  remote: https://www.nuget.org/api/v2
    EnvDTE (8.0)
      stdole (>= 7.0.3300)
    EnvDTE100 (10.0)
      EnvDTE (>= 8.0)
      EnvDTE80 (>= 8.0)
      EnvDTE90 (>= 9.0)
      EnvDTE90a (>= 9.0)
      stdole (>= 7.0.3300)
    EnvDTE80 (8.0)
      EnvDTE (>= 8.0)
      stdole (>= 7.0.3300)
    EnvDTE90 (9.0)
      EnvDTE (>= 8.0)
      EnvDTE80 (>= 8.0)
      stdole (>= 7.0.3300)
    EnvDTE90a (9.0)
      EnvDTE (>= 8.0)
      EnvDTE80 (>= 8.0)
      EnvDTE90 (>= 9.0)
      stdole (>= 7.0.3300)
    Gauge.CSharp.Lib (0.6.1) - framework: >= net45
    Google.Protobuf (3.1) - framework: >= net45
    Grpc (1.0.1) - framework: >= net45
      Grpc.Core (>= 1.0.1)
    Grpc.Core (1.0.1) - framework: >= net45
      System.Interactive.Async (>= 3.0) - framework: >= net45, >= netstandard15
    grpc.dependencies.openssl.redist (1.0.2.2) - framework: >= net45
    grpc.dependencies.zlib.redist (1.2.8.9) - framework: >= net45
    grpc.native.csharp_ext (0.10.1) - framework: >= net45
      grpc.dependencies.openssl.redist (>= 1.0.2.2)
      grpc.dependencies.zlib.redist (>= 1.2.8.9)
    Grpc.Tools (1.0.1) - framework: >= net45
    Ix-Async (1.2.3) - framework: >= net45
    NuGet.CommandLine (3.5)
    stdole (7.0.3300)
    System.Collections.Immutable (1.1.36) - framework: >= net45
    System.Interactive.Async (3.1.1) - framework: >= net45
    VSSDK.ComponentModelHost (12.0.4) - framework: >= net45
      VSSDK.IDE.12 (>= 12.0.4 < 13.0)
    VSSDK.CoreUtility (12.0.4)
      VSSDK.IDE.12 (>= 12.0.4 < 13.0)
    VSSDK.CoreUtility.12 (12.0.4) - framework: >= net45
      VSSDK.CoreUtility (>= 12.0.4 < 13.0)
      VSSDK.IDE.12 (>= 12.0.4 < 13.0)
    VSSDK.DTE (7.0.4)
      VSSDK.IDE (>= 7.0.4 < 8.0)
    VSSDK.DTE.8 (8.0.4) - framework: >= net452
      VSSDK.DTE (>= 7.0.4 < 8.0)
      VSSDK.IDE.8 (>= 8.0.4 < 9.0)
    VSSDK.Editor (12.0.4) - framework: >= net45
      VSSDK.CoreUtility (>= 12.0.4)
      VSSDK.IDE.12 (>= 12.0.4 < 13.0)
      VSSDK.OLE.Interop (>= 7.0.4 < 8.0)
      VSSDK.Text (>= 12.0.4)
      VSSDK.TextManager.Interop (>= 7.0.4 < 8.0)
      VSSDK.TextManager.Interop.8 (>= 8.0.4 < 9.0)
    VSSDK.GraphModel (12.0.4)
      VSSDK.IDE.12 (>= 12.0.4 < 13.0)
    VSSDK.IDE (7.0.4)
    VSSDK.IDE.10 (10.0.4)
    VSSDK.IDE.11 (11.0.4)
    VSSDK.IDE.12 (12.0.4)
    VSSDK.IDE.8 (8.0.4)
    VSSDK.IDE.9 (9.0.4)
    VSSDK.Language (12.0.4) - framework: >= net45
      VSSDK.CoreUtility (>= 12.0.4)
      VSSDK.IDE.12 (>= 12.0.4 < 13.0)
      VSSDK.Text (>= 12.0.4)
    VSSDK.OLE.Interop (7.0.4)
      VSSDK.IDE (>= 7.0.4 < 8.0)
    VSSDK.Shell.12 (12.0.4)
      VSSDK.DTE (>= 7.0.4 < 8.0)
      VSSDK.IDE.12 (>= 12.0.4 < 13.0)
      VSSDK.OLE.Interop (>= 7.0.4 < 8.0)
      VSSDK.Shell.Immutable.10 (>= 10.0.4 < 11.0)
      VSSDK.Shell.Immutable.11 (>= 11.0.4 < 12.0)
      VSSDK.Shell.Immutable.12 (>= 12.0.4 < 13.0)
      VSSDK.Shell.Interop (>= 7.0.4 < 8.0)
      VSSDK.Shell.Interop.8 (>= 8.0.4 < 9.0)
      VSSDK.Shell.Interop.9 (>= 9.0.4 < 10.0)
      VSSDK.TextManager.Interop (>= 7.0.4 < 8.0)
      VSSDK.Threading.12 (>= 12.0.4 < 13.0)
    VSSDK.Shell.Immutable.10 (10.0.4)
      VSSDK.IDE.10 (>= 10.0.4 < 11.0)
    VSSDK.Shell.Immutable.11 (11.0.4)
      VSSDK.GraphModel (>= 11.0.4)
      VSSDK.IDE.11 (>= 11.0.4 < 12.0)
      VSSDK.OLE.Interop (>= 7.0.4 < 8.0)
      VSSDK.Shell.Interop (>= 7.0.4 < 8.0)
    VSSDK.Shell.Immutable.12 (12.0.4)
      VSSDK.IDE.12 (>= 12.0.4 < 13.0)
    VSSDK.Shell.Interop (7.0.4)
      VSSDK.IDE (>= 7.0.4 < 8.0)
      VSSDK.OLE.Interop (>= 7.0.4 < 8.0)
      VSSDK.TextManager.Interop (>= 7.0.4 < 8.0)
    VSSDK.Shell.Interop.10 (10.0.4) - framework: >= net45
      VSSDK.IDE.10 (>= 10.0.4 < 11.0)
      VSSDK.OLE.Interop (>= 7.0.4 < 8.0)
      VSSDK.Shell.Interop.8 (>= 8.0.4 < 9.0)
      VSSDK.Shell.Interop.9 (>= 9.0.4 < 10.0)
    VSSDK.Shell.Interop.11 (11.0.4) - framework: >= net45
      VSSDK.IDE.11 (>= 11.0.4 < 12.0)
      VSSDK.OLE.Interop (>= 7.0.4 < 8.0)
      VSSDK.Shell.Interop (>= 7.0.4 < 8.0)
      VSSDK.Shell.Interop.10 (>= 10.0.4 < 11.0)
      VSSDK.Shell.Interop.8 (>= 8.0.4 < 9.0)
      VSSDK.Shell.Interop.9 (>= 9.0.4 < 10.0)
    VSSDK.Shell.Interop.12 (12.0.4) - framework: >= net45
      VSSDK.IDE.12 (>= 12.0.4 < 13.0)
      VSSDK.OLE.Interop (>= 7.0.4 < 8.0)
      VSSDK.Shell.Interop (>= 7.0.4 < 8.0)
      VSSDK.Shell.Interop.10 (>= 10.0.4 < 11.0)
      VSSDK.Shell.Interop.11 (>= 11.0.4 < 12.0)
      VSSDK.Shell.Interop.8 (>= 8.0.4 < 9.0)
      VSSDK.Shell.Interop.9 (>= 9.0.4 < 10.0)
    VSSDK.Shell.Interop.8 (8.0.4)
      VSSDK.IDE.8 (>= 8.0.4 < 9.0)
      VSSDK.OLE.Interop (>= 7.0.4 < 8.0)
      VSSDK.Shell.Interop (>= 7.0.4 < 8.0)
      VSSDK.TextManager.Interop (>= 7.0.4 < 8.0)
      VSSDK.TextManager.Interop.8 (>= 8.0.4 < 9.0)
    VSSDK.Shell.Interop.9 (9.0.4)
      VSSDK.IDE.9 (>= 9.0.4 < 10.0)
      VSSDK.OLE.Interop (>= 7.0.4 < 8.0)
      VSSDK.Shell.Interop.8 (>= 8.0.4 < 9.0)
      VSSDK.TextManager.Interop (>= 7.0.4 < 8.0)
    VSSDK.TemplateWizardInterface (12.0.4) - framework: >= net45
      VSSDK.DTE (>= 7.0.4 < 8.0)
      VSSDK.IDE.12 (>= 12.0.4 < 13.0)
    VSSDK.Text (12.0.4)
      VSSDK.CoreUtility (>= 12.0.4)
      VSSDK.IDE.12 (>= 12.0.4 < 13.0)
    VSSDK.Text.12 (12.0.4) - framework: >= net45
      VSSDK.CoreUtility.12 (>= 12.0.4 < 13.0)
      VSSDK.IDE.12 (>= 12.0.4 < 13.0)
      VSSDK.Text (>= 12.0.4 < 13.0)
    VSSDK.TextManager.Interop (7.0.4)
      VSSDK.IDE (>= 7.0.4 < 8.0)
      VSSDK.OLE.Interop (>= 7.0.4 < 8.0)
    VSSDK.TextManager.Interop.8 (8.0.4)
      VSSDK.IDE.8 (>= 8.0.4 < 9.0)
      VSSDK.OLE.Interop (>= 7.0.4 < 8.0)
      VSSDK.Shell.Interop (>= 7.0.4 < 8.0)
      VSSDK.TextManager.Interop (>= 7.0.4 < 8.0)
    VSSDK.Threading (12.0.4)
      VSSDK.IDE.12 (>= 12.0.4 < 13.0)
    VSSDK.Threading.12 (12.0.4)
      VSSDK.IDE.12 (>= 12.0.4 < 13.0)
      VSSDK.Threading (>= 12.0.4 < 13.0)
    VSSDK.VSLangProj (7.0.4) - framework: >= net45
      VSSDK.DTE (>= 7.0.4 < 8.0)
      VSSDK.IDE (>= 7.0.4 < 8.0)
  remote: https://www.myget.org/F/gauge-csharp/api/v2
    Gauge.CSharp.Core (0.0.11) - framework: >= net45
      Gauge.CSharp.Lib (>= 0.5.3)
      Google.Protobuf (>= 3.1)
      Grpc (1.0.1)
      Grpc.Core (1.0.1)
      Grpc.Tools (1.0.1)

GROUP Test
NUGET
  remote: https://www.nuget.org/api/v2
    FakeItEasy (2.3.3) - framework: >= net45
    NUnit (3.0.1) - framework: >= net45
    NUnit.Console (3.0.1) - framework: >= net45
    NUnit.Runners (3.0.1) - framework: >= net45
      NUnit.Console (3.0.1)
