RESTRICTION: == net46
NUGET
  remote: https://www.nuget.org/api/v2
    EnvDTE (8.0.2)
      stdole (>= 7.0.3302)
    EnvDTE80 (8.0)
      EnvDTE (>= 8.0)
      stdole (>= 7.0.3300)
    Gauge.CSharp.Core (0.3.2)
      Google.Protobuf (>= 3.6)
      Grpc.Core (>= 1.12)
    Gauge.CSharp.Lib (0.7.2)
    Google.Protobuf (3.6)
    Grpc.Core (1.13.1)
      System.Interactive.Async (>= 3.1.1)
    Microsoft.CSharp (4.0)
    Microsoft.Net.Compilers (2.8.2)
    Microsoft.TestPlatform.ObjectModel (15.8)
      System.Reflection.Metadata (>= 1.3)
      System.Runtime.InteropServices.RuntimeInformation (>= 4.3)
    Microsoft.VisualStudio.SDK.Analyzers (15.8.33)
      Microsoft.VisualStudio.Threading.Analyzers (>= 15.8.122)
    Microsoft.VisualStudio.SDK.EmbedInteropTypes (15.0.17)
    Microsoft.VisualStudio.TestWindow.Interfaces (11.0.61030)
    Microsoft.VisualStudio.Threading.Analyzers (15.8.132)
    Microsoft.VSSDK.BuildTools (15.7.109)
      Microsoft.VisualStudio.SDK.Analyzers (>= 15.7.3)
    NuGet.CommandLine (4.7)
    stdole (7.0.3303)
      Microsoft.VisualStudio.SDK.EmbedInteropTypes (>= 15.0.16)
    System.Collections.Immutable (1.5)
    System.Interactive.Async (3.2)
    System.Reflection.Metadata (1.6)
      System.Collections.Immutable (>= 1.5)
    System.Runtime.InteropServices.RuntimeInformation (4.3)
    VSSDK.ComponentModelHost (12.0.4)
      VSSDK.IDE.12 (>= 12.0.4 < 13.0)
    VSSDK.CoreUtility (12.0.4)
      VSSDK.IDE.12 (>= 12.0.4 < 13.0)
    VSSDK.CoreUtility.12 (12.0.4)
      VSSDK.CoreUtility (>= 12.0.4 < 13.0)
      VSSDK.IDE.12 (>= 12.0.4 < 13.0)
    VSSDK.DTE (7.0.4)
      VSSDK.IDE (>= 7.0.4 < 8.0)
    VSSDK.Editor (12.0.4)
      VSSDK.CoreUtility (>= 12.0.4)
      VSSDK.IDE.12 (>= 12.0.4 < 13.0)
      VSSDK.OLE.Interop (>= 7.0.4 < 8.0)
      VSSDK.Text (>= 12.0.4)
      VSSDK.TextManager.Interop (>= 7.0.4 < 8.0)
      VSSDK.TextManager.Interop.8 (>= 8.0.4 < 9.0)
    VSSDK.GraphModel (12.0.4)
      VSSDK.IDE.12 (>= 12.0.4 < 13.0)
    VSSDK.IDE (7.0.4)
    VSSDK.IDE.10 (10.0.4)
    VSSDK.IDE.11 (11.0.4)
    VSSDK.IDE.12 (12.0.4)
    VSSDK.IDE.8 (8.0.4)
    VSSDK.IDE.9 (9.0.4)
    VSSDK.Language (12.0.4)
      VSSDK.CoreUtility (>= 12.0.4)
      VSSDK.IDE.12 (>= 12.0.4 < 13.0)
      VSSDK.Text (>= 12.0.4)
    VSSDK.OLE.Interop (7.0.4)
      VSSDK.IDE (>= 7.0.4 < 8.0)
    VSSDK.Shell.12 (12.0.4)
      VSSDK.DTE (>= 7.0.4 < 8.0)
      VSSDK.IDE.12 (>= 12.0.4 < 13.0)
      VSSDK.OLE.Interop (>= 7.0.4 < 8.0)
      VSSDK.Shell.Immutable.10 (>= 10.0.4 < 11.0)
      VSSDK.Shell.Immutable.11 (>= 11.0.4 < 12.0)
      VSSDK.Shell.Immutable.12 (>= 12.0.4 < 13.0)
      VSSDK.Shell.Interop (>= 7.0.4 < 8.0)
      VSSDK.Shell.Interop.8 (>= 8.0.4 < 9.0)
      VSSDK.Shell.Interop.9 (>= 9.0.4 < 10.0)
      VSSDK.TextManager.Interop (>= 7.0.4 < 8.0)
      VSSDK.Threading.12 (>= 12.0.4 < 13.0)
    VSSDK.Shell.Immutable.10 (10.0.4)
      VSSDK.IDE.10 (>= 10.0.4 < 11.0)
    VSSDK.Shell.Immutable.11 (11.0.4)
      VSSDK.GraphModel (>= 11.0.4)
      VSSDK.IDE.11 (>= 11.0.4 < 12.0)
      VSSDK.OLE.Interop (>= 7.0.4 < 8.0)
      VSSDK.Shell.Interop (>= 7.0.4 < 8.0)
    VSSDK.Shell.Immutable.12 (12.0.4)
      VSSDK.IDE.12 (>= 12.0.4 < 13.0)
    VSSDK.Shell.Interop (7.0.4)
      VSSDK.IDE (>= 7.0.4 < 8.0)
      VSSDK.OLE.Interop (>= 7.0.4 < 8.0)
      VSSDK.TextManager.Interop (>= 7.0.4 < 8.0)
    VSSDK.Shell.Interop.10 (10.0.4)
      VSSDK.IDE.10 (>= 10.0.4 < 11.0)
      VSSDK.OLE.Interop (>= 7.0.4 < 8.0)
      VSSDK.Shell.Interop.8 (>= 8.0.4 < 9.0)
      VSSDK.Shell.Interop.9 (>= 9.0.4 < 10.0)
    VSSDK.Shell.Interop.11 (11.0.4)
      VSSDK.IDE.11 (>= 11.0.4 < 12.0)
      VSSDK.OLE.Interop (>= 7.0.4 < 8.0)
      VSSDK.Shell.Interop (>= 7.0.4 < 8.0)
      VSSDK.Shell.Interop.10 (>= 10.0.4 < 11.0)
      VSSDK.Shell.Interop.8 (>= 8.0.4 < 9.0)
      VSSDK.Shell.Interop.9 (>= 9.0.4 < 10.0)
    VSSDK.Shell.Interop.12 (12.0.4)
      VSSDK.IDE.12 (>= 12.0.4 < 13.0)
      VSSDK.OLE.Interop (>= 7.0.4 < 8.0)
      VSSDK.Shell.Interop (>= 7.0.4 < 8.0)
      VSSDK.Shell.Interop.10 (>= 10.0.4 < 11.0)
      VSSDK.Shell.Interop.11 (>= 11.0.4 < 12.0)
      VSSDK.Shell.Interop.8 (>= 8.0.4 < 9.0)
      VSSDK.Shell.Interop.9 (>= 9.0.4 < 10.0)
    VSSDK.Shell.Interop.8 (8.0.4)
      VSSDK.IDE.8 (>= 8.0.4 < 9.0)
      VSSDK.OLE.Interop (>= 7.0.4 < 8.0)
      VSSDK.Shell.Interop (>= 7.0.4 < 8.0)
      VSSDK.TextManager.Interop (>= 7.0.4 < 8.0)
      VSSDK.TextManager.Interop.8 (>= 8.0.4 < 9.0)
    VSSDK.Shell.Interop.9 (9.0.4)
      VSSDK.IDE.9 (>= 9.0.4 < 10.0)
      VSSDK.OLE.Interop (>= 7.0.4 < 8.0)
      VSSDK.Shell.Interop.8 (>= 8.0.4 < 9.0)
      VSSDK.TextManager.Interop (>= 7.0.4 < 8.0)
    VSSDK.Text (12.0.4)
      VSSDK.CoreUtility (>= 12.0.4)
      VSSDK.IDE.12 (>= 12.0.4 < 13.0)
    VSSDK.Text.12 (12.0.4)
      VSSDK.CoreUtility.12 (>= 12.0.4 < 13.0)
      VSSDK.IDE.12 (>= 12.0.4 < 13.0)
      VSSDK.Text (>= 12.0.4 < 13.0)
    VSSDK.TextManager.Interop (7.0.4)
      VSSDK.IDE (>= 7.0.4 < 8.0)
      VSSDK.OLE.Interop (>= 7.0.4 < 8.0)
    VSSDK.TextManager.Interop.8 (8.0.4)
      VSSDK.IDE.8 (>= 8.0.4 < 9.0)
      VSSDK.OLE.Interop (>= 7.0.4 < 8.0)
      VSSDK.Shell.Interop (>= 7.0.4 < 8.0)
      VSSDK.TextManager.Interop (>= 7.0.4 < 8.0)
    VSSDK.Threading (12.0.4)
      VSSDK.IDE.12 (>= 12.0.4 < 13.0)
    VSSDK.Threading.12 (12.0.4)
      VSSDK.IDE.12 (>= 12.0.4 < 13.0)
      VSSDK.Threading (>= 12.0.4 < 13.0)
    VSSDK.VSLangProj (7.0.4)
      VSSDK.DTE (>= 7.0.4 < 8.0)
      VSSDK.IDE (>= 7.0.4 < 8.0)

GROUP Test
RESTRICTION: == net46
NUGET
  remote: https://www.nuget.org/api/v2
    FakeItEasy (4.7.1)
    NUnit (3.0.1)
    NUnit.Console (3.0.1)
    NUnit.Runners (3.0.1)
      NUnit.Console (3.0.1)
